GEM
  remote: https://rubygems.org/
  specs:
    bourbon (3.2.3)
      sass (~> 3.2)
      thor
    sass (3.2.9)
    thor (0.19.1)

PLATFORMS
  ruby

DEPENDENCIES
  bourbon
  sass (= 3.2.9)
